PATH
  remote: .
  specs:
    rails_view_generator (0.1.0)

GEM
  remote: https://rubygems.org/
  specs:
    rake (13.2.1)

PLATFORMS
  ruby
  x86_64-linux

DEPENDENCIES
  rails_view_generator!
  rake (~> 13.0)

BUNDLED WITH
   2.5.20
